GEM
  remote: https://rubygems.org/
  specs:
    aws-partitions (1.70.0)
    aws-sdk-batch (1.3.0)
      aws-sdk-core (~> 3)
      aws-sigv4 (~> 1.0)
    aws-sdk-core (3.17.0)
      aws-partitions (~> 1.0)
      aws-sigv4 (~> 1.0)
      jmespath (~> 1.0)
    aws-sigv4 (1.0.2)
    jmespath (1.3.1)

PLATFORMS
  ruby

DEPENDENCIES
  aws-sdk-batch

BUNDLED WITH
   1.16.1
